GEM
  remote: https://rubygems.org/
  specs:
    actioncable (6.1.7.7)
      actionpack (= 6.1.7.7)
      activesupport (= 6.1.7.7)
      nio4r (~> 2.0)
      websocket-driver (>= 0.6.1)
    actionmailbox (6.1.7.7)
      actionpack (= 6.1.7.7)
      activejob (= 6.1.7.7)
      activerecord (= 6.1.7.7)
      activestorage (= 6.1.7.7)
      activesupport (= 6.1.7.7)
      mail (>= 2.7.1)
    actionmailer (6.1.7.7)
      actionpack (= 6.1.7.7)
      actionview (= 6.1.7.7)
      activejob (= 6.1.7.7)
      activesupport (= 6.1.7.7)
      mail (~> 2.5, >= 2.5.4)
      rails-dom-testing (~> 2.0)
    actionpack (6.1.7.7)
      actionview (= 6.1.7.7)
      activesupport (= 6.1.7.7)
      rack (~> 2.0, >= 2.0.9)
      rack-test (>= 0.6.3)
      rails-dom-testing (~> 2.0)
      rails-html-sanitizer (~> 1.0, >= 1.2.0)
    actiontext (6.1.7.7)
      actionpack (= 6.1.7.7)
      activerecord (= 6.1.7.7)
      activestorage (= 6.1.7.7)
      activesupport (= 6.1.7.7)
      nokogiri (>= 1.8.5)
    actionview (6.1.7.7)
      activesupport (= 6.1.7.7)
      builder (~> 3.1)
      erubi (~> 1.4)
      rails-dom-testing (~> 2.0)
      rails-html-sanitizer (~> 1.1, >= 1.2.0)
    activejob (6.1.7.7)
      activesupport (= 6.1.7.7)
      globalid (>= 0.3.6)
    activemodel (6.1.7.7)
      activesupport (= 6.1.7.7)
    activerecord (6.1.7.7)
      activemodel (= 6.1.7.7)
      activesupport (= 6.1.7.7)
    activestorage (6.1.7.7)
      actionpack (= 6.1.7.7)
      activejob (= 6.1.7.7)
      activerecord (= 6.1.7.7)
      activesupport (= 6.1.7.7)
      marcel (~> 1.0)
      mini_mime (>= 1.1.0)
    activesupport (6.1.7.7)
      concurrent-ruby (~> 1.0, >= 1.0.2)
      i18n (>= 1.6, < 2)
      minitest (>= 5.1)
      tzinfo (~> 2.0)
      zeitwerk (~> 2.3)
    ast (2.4.2)
    aws-eventstream (1.3.0)
    aws-partitions (1.905.0)
    aws-record (2.13.0)
      aws-sdk-dynamodb (~> 1, >= 1.85.0)
    aws-sdk-bedrockruntime (1.5.0)
      aws-sdk-core (~> 3, >= 3.191.0)
      aws-sigv4 (~> 1.1)
    aws-sdk-core (3.191.5)
      aws-eventstream (~> 1, >= 1.3.0)
      aws-partitions (~> 1, >= 1.651.0)
      aws-sigv4 (~> 1.8)
      jmespath (~> 1, >= 1.6.1)
    aws-sdk-dynamodb (1.106.0)
      aws-sdk-core (~> 3, >= 3.191.0)
      aws-sigv4 (~> 1.1)
    aws-sdk-rails (3.11.0)
      aws-record (~> 2)
      aws-sdk-ses (~> 1, >= 1.50.0)
      aws-sdk-sesv2 (~> 1, >= 1.34.0)
      aws-sdk-sqs (~> 1, >= 1.56.0)
      aws-sessionstore-dynamodb (~> 2)
      concurrent-ruby (~> 1)
      railties (>= 5.2.0)
    aws-sdk-ses (1.59.0)
      aws-sdk-core (~> 3, >= 3.191.0)
      aws-sigv4 (~> 1.1)
    aws-sdk-sesv2 (1.45.0)
      aws-sdk-core (~> 3, >= 3.191.0)
      aws-sigv4 (~> 1.1)
    aws-sdk-sqs (1.70.0)
      aws-sdk-core (~> 3, >= 3.191.0)
      aws-sigv4 (~> 1.1)
    aws-sessionstore-dynamodb (2.2.0)
      aws-sdk-dynamodb (~> 1, >= 1.85.0)
      rack (>= 2, < 4)
      rack-session (>= 1, < 3)
    aws-sigv4 (1.8.0)
      aws-eventstream (~> 1, >= 1.0.2)
    bcrypt (3.1.20)
    bootsnap (1.18.3)
      msgpack (~> 1.2)
    builder (3.2.4)
    byebug (11.1.3)
    concurrent-ruby (1.2.3)
    crass (1.0.6)
    date (3.3.4)
    devise (4.9.3)
      bcrypt (~> 3.0)
      orm_adapter (~> 0.1)
      railties (>= 4.1.0)
      responders
      warden (~> 1.2.3)
    devise_token_auth (1.2.2)
      bcrypt (~> 3.0)
      devise (> 3.5.2, < 5)
      rails (>= 4.2.0, < 7.1)
    diff-lcs (1.5.1)
    erubi (1.12.0)
    factory_bot (6.4.5)
      activesupport (>= 5.0.0)
    factory_bot_rails (6.4.3)
      factory_bot (~> 6.4)
      railties (>= 5.0.0)
    faker (3.3.0)
      i18n (>= 1.8.11, < 2)
    ffi (1.16.3)
    globalid (1.2.1)
      activesupport (>= 6.1)
    i18n (1.14.4)
      concurrent-ruby (~> 1.0)
    jmespath (1.6.2)
    json (2.7.1)
    language_server-protocol (3.17.0.3)
    listen (3.9.0)
      rb-fsevent (~> 0.10, >= 0.10.3)
      rb-inotify (~> 0.9, >= 0.9.10)
    loofah (2.22.0)
      crass (~> 1.0.2)
      nokogiri (>= 1.12.0)
    mail (2.8.1)
      mini_mime (>= 0.1.1)
      net-imap
      net-pop
      net-smtp
    marcel (1.0.4)
    method_source (1.0.0)
    mini_mime (1.1.5)
    mini_portile2 (2.8.5)
    minitest (5.22.3)
    msgpack (1.7.2)
    mysql2 (0.5.6)
    net-imap (0.4.10)
      date
      net-protocol
    net-pop (0.1.2)
      net-protocol
    net-protocol (0.2.2)
      timeout
    net-smtp (0.5.0)
      net-protocol
    nio4r (2.7.1)
    nokogiri (1.15.4)
      mini_portile2 (~> 2.8.2)
      racc (~> 1.4)
    nokogiri (1.15.4-x86_64-darwin)
      racc (~> 1.4)
    orm_adapter (0.5.0)
    parallel (1.24.0)
    parser (3.3.0.5)
      ast (~> 2.4.1)
      racc
    pg (1.5.6)
    puma (5.6.8)
      nio4r (~> 2.0)
    racc (1.7.3)
    rack (2.2.9)
    rack-cors (2.0.2)
      rack (>= 2.0.0)
    rack-session (1.0.2)
      rack (< 3)
    rack-test (2.1.0)
      rack (>= 1.3)
    rails (6.1.7.7)
      actioncable (= 6.1.7.7)
      actionmailbox (= 6.1.7.7)
      actionmailer (= 6.1.7.7)
      actionpack (= 6.1.7.7)
      actiontext (= 6.1.7.7)
      actionview (= 6.1.7.7)
      activejob (= 6.1.7.7)
      activemodel (= 6.1.7.7)
      activerecord (= 6.1.7.7)
      activestorage (= 6.1.7.7)
      activesupport (= 6.1.7.7)
      bundler (>= 1.15.0)
      railties (= 6.1.7.7)
      sprockets-rails (>= 2.0.0)
    rails-dom-testing (2.2.0)
      activesupport (>= 5.0.0)
      minitest
      nokogiri (>= 1.6)
    rails-html-sanitizer (1.6.0)
      loofah (~> 2.21)
      nokogiri (~> 1.14)
    railties (6.1.7.7)
      actionpack (= 6.1.7.7)
      activesupport (= 6.1.7.7)
      method_source
      rake (>= 12.2)
      thor (~> 1.0)
    rainbow (3.1.1)
    rake (13.2.0)
    rb-fsevent (0.11.2)
    rb-inotify (0.10.1)
      ffi (~> 1.0)
    regexp_parser (2.9.0)
    responders (3.1.1)
      actionpack (>= 5.2)
      railties (>= 5.2)
    rexml (3.2.6)
    rspec-core (3.13.0)
      rspec-support (~> 3.13.0)
    rspec-expectations (3.13.0)
      diff-lcs (>= 1.2.0, < 2.0)
      rspec-support (~> 3.13.0)
    rspec-mocks (3.13.0)
      diff-lcs (>= 1.2.0, < 2.0)
      rspec-support (~> 3.13.0)
    rspec-rails (6.1.2)
      actionpack (>= 6.1)
      activesupport (>= 6.1)
      railties (>= 6.1)
      rspec-core (~> 3.13)
      rspec-expectations (~> 3.13)
      rspec-mocks (~> 3.13)
      rspec-support (~> 3.13)
    rspec-support (3.13.1)
    rubocop (1.62.1)
      json (~> 2.3)
      language_server-protocol (>= 3.17.0)
      parallel (~> 1.10)
      parser (>= 3.3.0.2)
      rainbow (>= 2.2.2, < 4.0)
      regexp_parser (>= 1.8, < 3.0)
      rexml (>= 3.2.5, < 4.0)
      rubocop-ast (>= 1.31.1, < 2.0)
      ruby-progressbar (~> 1.7)
      unicode-display_width (>= 2.4.0, < 3.0)
    rubocop-ast (1.31.2)
      parser (>= 3.3.0.4)
    rubocop-capybara (2.20.0)
      rubocop (~> 1.41)
    rubocop-factory_bot (2.25.1)
      rubocop (~> 1.41)
    rubocop-performance (1.21.0)
      rubocop (>= 1.48.1, < 2.0)
      rubocop-ast (>= 1.31.1, < 2.0)
    rubocop-rails (2.24.1)
      activesupport (>= 4.2.0)
      rack (>= 1.1)
      rubocop (>= 1.33.0, < 2.0)
      rubocop-ast (>= 1.31.1, < 2.0)
    rubocop-rspec (2.28.0)
      rubocop (~> 1.40)
      rubocop-capybara (~> 2.17)
      rubocop-factory_bot (~> 2.22)
      rubocop-rspec_rails (~> 2.28)
    rubocop-rspec_rails (2.28.2)
      rubocop (~> 1.40)
    ruby-progressbar (1.13.0)
    spring (4.1.3)
    sprockets (4.2.1)
      concurrent-ruby (~> 1.0)
      rack (>= 2.2.4, < 4)
    sprockets-rails (3.4.2)
      actionpack (>= 5.2)
      activesupport (>= 5.2)
      sprockets (>= 3.0.0)
    thor (1.3.1)
    timeout (0.4.1)
    tzinfo (2.0.6)
      concurrent-ruby (~> 1.0)
    unicode-display_width (2.5.0)
    warden (1.2.9)
      rack (>= 2.0.9)
    websocket-driver (0.7.6)
      websocket-extensions (>= 0.1.0)
    websocket-extensions (0.1.5)
    zeitwerk (2.6.13)

PLATFORMS
  ruby
  x86_64-darwin-21

DEPENDENCIES
  aws-sdk-bedrockruntime (~> 1)
  aws-sdk-rails
  bootsnap (>= 1.4.4)
  byebug
  devise
  devise_token_auth
  factory_bot_rails
  faker
  listen (~> 3.3)
  mysql2
  nokogiri (= 1.15.4)
  pg
  puma (~> 5.0)
  rack-cors
  rails (~> 6.1.3, >= 6.1.3.2)
  rspec-rails
  rubocop
  rubocop-performance
  rubocop-rails
  rubocop-rspec
  spring
  tzinfo-data

RUBY VERSION
   ruby 2.7.4p191

BUNDLED WITH
   2.4.20
